NUGET
  remote: https://www.nuget.org/api/v2
  specs:
    FSharp.TypeProviders.StarterPack (1.1.3.56) - framework: >= net35
    Newtonsoft.Json (5.0.5)
    NSubstitute (1.6.1) - framework: >= net40
    NuGet.CommandLine (3.3)
    NUnit (2.6.2) - framework: >= net40

GROUP Build
NUGET
  remote: https://www.nuget.org/api/v2
  specs:
    MSBuildTasks (1.4.0.61)
    NUnit.Runners (2.6.2)
